GEM
  remote: https://rubygems.org/
  specs:
    dotenv (2.7.6)
    httparty (0.20.0)
      mime-types (~> 3.0)
      multi_xml (>= 0.5.2)
    mime-types (3.4.1)
      mime-types-data (~> 3.2015)
    mime-types-data (3.2022.0105)
    multi_xml (0.6.0)
    ruby-openai (1.4.0)
      dotenv (~> 2.7.6)
      httparty (>= 0.18.1, < 0.21.0)

PLATFORMS
  x86_64-darwin-21

DEPENDENCIES
  ruby-openai

BUNDLED WITH
   2.3.14
